PATH
  remote: .
  specs:
    btcruby (1.9)
      ffi (~> 1.9, >= 1.9.3)

GEM
  remote: https://rubygems.org/
  specs:
    byebug (10.0.2)
    coderay (1.1.2)
    crypto-unit (0.3.4)
    ffi (1.11.3)
    method_source (0.9.0)
    minitest (5.10.2)
    pry (0.11.3)
      coderay (~> 1.1.0)
      method_source (~> 0.9.0)
    pry-byebug (3.6.0)
      byebug (~> 10.0)
      pry (~> 0.10)
    rake (10.3.2)

PLATFORMS
  ruby

DEPENDENCIES
  btcruby!
  crypto-unit
  minitest
  pry-byebug
  rake

BUNDLED WITH
   1.17.3
